GEM
  remote: https://rubygems.org/
  remote: http://devfu-geminabox.flowbyte.net/
  specs:
    devfu-gitlab (1.1.1)
    flowbyte-private (1.0.0)
    rake (13.0.1)

PLATFORMS
  ruby

DEPENDENCIES
  devfu-gitlab!
  flowbyte-private!
  rake

BUNDLED WITH
   1.17.3
