GEM
  remote: https://rubygems.org/
  remote: http://devfu-geminabox.flowbyte.net/
  remote: https://gem.fury.io/flowbyte/
  specs:
    flowbyte-private (1.0.0)
    rake (13.0.1)

PLATFORMS
  ruby

DEPENDENCIES
  flowbyte-private!
  rake

BUNDLED WITH
   1.17.3
